GEM
  remote: https://rubygems.org/
  specs:
    byebug (11.0.1)
    rack (2.0.5)
    rake (12.3.2)
    thor (0.20.3)

PLATFORMS
  ruby

DEPENDENCIES
  byebug
  rack
  rake
  thor

BUNDLED WITH
   1.16.4
