GEM
  remote: https://rubygems.org/
  specs:
    byebug (11.0.1)
    rack (2.1.4)
    rake (12.3.3)
    thor (0.20.3)

PLATFORMS
  ruby

DEPENDENCIES
  byebug
  rack (>= 2.0.6)
  rake
  thor

BUNDLED WITH
   1.16.4
